PATH
  remote: .
  specs:
    beer_of_the_day (0.1.0)
      nokogiri (~> 1.10)

GEM
  remote: https://rubygems.org/
  specs:
    coderay (1.1.2)
    httparty (0.17.0)
      mime-types (~> 3.0)
      multi_xml (>= 0.5.2)
    method_source (0.9.2)
    mime-types (3.3)
      mime-types-data (~> 3.2015)
    mime-types-data (3.2019.0904)
    mini_portile2 (2.6.1)
    multi_xml (0.6.0)
    nokogiri (1.12.5)
      mini_portile2 (~> 2.6.1)
      racc (~> 1.4)
    pry (0.12.2)
      coderay (~> 1.1.0)
      method_source (~> 0.9.0)
    racc (1.5.2)
    rake (10.5.0)

PLATFORMS
  ruby

DEPENDENCIES
  beer_of_the_day!
  bundler (~> 2.0)
  httparty
  nokogiri
  pry (~> 0.12.2)
  rake (~> 10.0)

BUNDLED WITH
   2.0.2
